PATH
  remote: .
  specs:
    munger (0.1.4.2)

GEM
  remote: https://rubygems.org/
  specs:
    rake (10.0.2)

PLATFORMS
  ruby

DEPENDENCIES
  munger!
  rake
